GEM
  remote: http://rubygems.org/
  specs:
    activemodel (3.2.8)
      activesupport (= 3.2.8)
      builder (~> 3.0.0)
    activesupport (3.2.8)
      i18n (~> 0.6)
      multi_json (~> 1.0)
    ansi (1.4.3)
    backports (2.6.4)
    bcrypt-ruby (3.0.1)
    bson (1.7.0)
    bson_ext (1.7.0)
      bson (~> 1.7.0)
    builder (3.0.2)
    daemons (1.1.9)
    database_cleaner (0.8.0)
    eventmachine (0.12.10)
    factory_girl (4.0.0)
      activesupport (>= 3.0.0)
    growl (1.0.3)
    guard (1.4.0)
      listen (>= 0.4.2)
      thor (>= 0.14.6)
    guard-minitest (0.5.0)
      guard (>= 0.4)
    i18n (0.6.1)
    json (1.7.5)
    listen (0.5.2)
    minitest (3.4.0)
    mongoid (3.0.5)
      activemodel (~> 3.1)
      moped (~> 1.1)
      origin (~> 1.0)
      tzinfo (~> 0.3.22)
    moped (1.2.1)
    multi_json (1.3.6)
    origin (1.0.8)
    rack (1.4.1)
    rack-protection (1.2.0)
      rack
    rack-test (0.6.1)
      rack (>= 1.0)
    rb-fsevent (0.9.2)
    sinatra (1.3.3)
      rack (~> 1.3, >= 1.3.6)
      rack-protection (~> 1.2)
      tilt (~> 1.3, >= 1.3.3)
    sinatra-contrib (1.3.1)
      backports (>= 2.0)
      eventmachine
      rack-protection
      rack-test
      sinatra (~> 1.3.0)
      tilt (~> 1.3)
    sinatra-reloader (1.0)
      sinatra-contrib
    thin (1.4.1)
      daemons (>= 1.0.9)
      eventmachine (>= 0.12.6)
      rack (>= 1.0.0)
    thor (0.16.0)
    tilt (1.3.3)
    turn (0.9.6)
      ansi
    tzinfo (0.3.33)

PLATFORMS
  ruby

DEPENDENCIES
  bcrypt-ruby
  bson_ext (~> 1.5)
  database_cleaner
  factory_girl (~> 4.0)
  growl
  guard
  guard-minitest
  json
  minitest
  mongoid (~> 3.0.0)
  rb-fsevent
  sinatra
  sinatra-reloader
  thin
  turn (~> 0.9.6)
